GEM
  remote: http://rubygems.org/
  specs:
    chipmunk (6.1.3.4)
    conject (0.1.8)
    ffi (1.9.18)
    gamebox (0.5.5)
      conject (>= 0.0.8)
      gosu
      i18n
      kvo (>= 0.1.0)
      listen (>= 2.4.0)
      publisher
      require_all
      thor
      tween
    gosu (0.11.2)
    i18n (0.8.1)
    kvo (0.1.0)
      publisher
    listen (3.1.5)
      rb-fsevent (~> 0.9, >= 0.9.4)
      rb-inotify (~> 0.9, >= 0.9.7)
      ruby_dep (~> 1.2)
    publisher (1.1.2)
    rake (12.0.0)
    rb-fsevent (0.9.8)
    rb-inotify (0.9.8)
      ffi (>= 0.5.0)
    require_all (1.4.0)
    ruby_dep (1.5.0)
    thor (0.19.4)
    tween (0.1.2)

PLATFORMS
  ruby

DEPENDENCIES
  chipmunk
  gamebox
  gosu
  rake

BUNDLED WITH
   1.14.3
